GEM
  remote: https://rubygems.org/
  specs:
    benchmark-ips (2.7.2)
    coderay (1.1.2)
    concurrent-ruby (1.1.5)
    file-tail (1.2.0)
      tins (~> 1.0)
    glut (8.3.0)
    gosu (0.14.5)
    method_source (0.9.2)
    opengl-bindings (1.6.9)
    parallel (1.17.0)
    pkg-config (1.5.5)
    pry (0.12.2)
      coderay (~> 1.1.0)
      method_source (~> 0.9.0)
    rmagick (5.3.0)
      pkg-config (~> 1.4)
    ruby-progressbar (1.10.1)
    ruby2ruby (2.4.2)
      ruby_parser (~> 3.1)
      sexp_processor (~> 4.6)
    ruby_parser (3.13.1)
      sexp_processor (~> 4.9)
    sexp_processor (4.12.0)
    sourcify (0.5.0)
      file-tail (>= 1.0.5)
      ruby2ruby (>= 1.2.5)
      ruby_parser (>= 2.0.5)
      sexp_processor (>= 3.0.5)
    tins (1.20.3)

PLATFORMS
  ruby

DEPENDENCIES
  benchmark-ips
  concurrent-ruby
  glut
  gosu
  opengl-bindings
  parallel
  pry
  rmagick
  ruby-progressbar
  sourcify

BUNDLED WITH
   2.0.2
